PATH
  remote: .
  specs:
    prettier (0.17.5)

GEM
  remote: https://rubygems.org/
  specs:
    haml (5.1.2)
      temple (>= 0.8.0)
      tilt
    minitest (5.13.0)
    rake (13.0.1)
    temple (0.8.2)
    tilt (2.0.10)

PLATFORMS
  ruby

DEPENDENCIES
  bundler (~> 2.0)
  haml (~> 5.1)
  minitest (~> 5.13)
  prettier!
  rake (~> 13.0)

BUNDLED WITH
   2.0.2
